GEM
  remote: https://rubygems.org/
  specs:
    os (0.9.6)
    rake (10.1.1)

PLATFORMS
  ruby

DEPENDENCIES
  os
  rake
